GEM
  remote: https://rubygems.org/
  specs:
    bson (4.3.0)
    colorize (0.8.1)
    deep_merge (1.2.1)
    erubis (2.7.0)
    mongo (2.5.1)
      bson (>= 4.3.0, < 5.0.0)
    mustermann (1.0.2)
    rack (2.0.4)
    rack-protection (2.0.1)
      rack
    sinatra (2.0.1)
      mustermann (~> 1.0)
      rack (~> 2.0)
      rack-protection (= 2.0.1)
      tilt (~> 2.0)
    tilt (2.0.8)

PLATFORMS
  ruby

DEPENDENCIES
  colorize
  deep_merge
  erubis
  mongo
  sinatra

BUNDLED WITH
   1.16.1
